GEM
  remote: http://rubygems.org/
  specs:
    addressable (2.3.2)
    rake (0.9.2.2)

PLATFORMS
  ruby

DEPENDENCIES
  addressable
  rake
