GEM
  remote: http://rubygems.org/
  specs:
    addressable (2.3.2)

PLATFORMS
  ruby

DEPENDENCIES
  addressable
